GEM
  remote: https://rubygems.org/
  specs:
    dotenv (2.7.5)
    pg (1.1.4)
    rack (2.0.7)
    roda (3.22.0)
      rack
    sequel (5.23.0)
    tilt (2.0.9)

PLATFORMS
  ruby

DEPENDENCIES
  dotenv
  pg
  roda
  sequel
  tilt

RUBY VERSION
   ruby 2.6.3p62

BUNDLED WITH
   2.0.2
